GEM
  remote: https://rubygems.org/
  specs:
    byebug (11.1.3)
    colorize (0.8.1)
    concurrent-ruby (1.1.6)
    faker (2.11.0)
      i18n (>= 1.6, < 2)
    i18n (1.8.2)
      concurrent-ruby (~> 1.0)
    tts (0.7.1)

PLATFORMS
  ruby

DEPENDENCIES
  byebug (~> 11.1)
  colorize (~> 0.8.1)
  faker (~> 2.11)
  tts (~> 0.7.1)

BUNDLED WITH
   2.1.4
